GEM
  remote: https://rubygems.org/
  specs:
    awesome_print (1.6.1)
    aws-sdk (2.2.23)
      aws-sdk-resources (= 2.2.23)
    aws-sdk-core (2.2.23)
      jmespath (~> 1.0)
    aws-sdk-resources (2.2.23)
      aws-sdk-core (= 2.2.23)
    jmespath (1.1.3)

PLATFORMS
  ruby

DEPENDENCIES
  awesome_print
  aws-sdk

BUNDLED WITH
   1.11.2
